GEM
  remote: http://rubygems.org/
  specs:
    albacore (0.1.5)
      net-sftp (>= 2.0.2)
      net-ssh (>= 2.0.15)
      rake (>= 0.8.7)
      rubyzip (>= 0.9.1)
    commonservicelocator (1.0.0.0)
    gallio (3.2.601)
    git (1.2.5)
    net-sftp (2.0.5)
      net-ssh (>= 2.0.9)
    net-ssh (2.0.23)
    noodle (0.3.0)
      bundler (>= 1.0.0.rc.3)
      rake
    nunit (2.5.7.10213.20100801)
    rake (0.8.7)
    rhino.mocks (3.6.0.0)
    rubyzip (0.9.4)
    sharptestsex (1.0.0.0.20100911)
    structuremap.automocking (2.6.1.1)

PLATFORMS
  ruby
  x86-mingw32

DEPENDENCIES
  albacore
  commonservicelocator
  gallio (~> 3.2)
  git
  noodle
  nunit
  rhino.mocks (~> 3.6)
  sharptestsex
  structuremap.automocking (~> 2.6.1.1)
